GEM
  remote: https://rubygems.org/
  specs:
    addressable (2.3.5)
    excon (0.32.1)
    heroku (3.6.0)
      heroku-api (~> 0.3.17)
      launchy (>= 0.3.2)
      netrc (~> 0.7.7)
      rest-client (~> 1.6.1)
      rubyzip
    heroku-api (0.3.18)
      excon (~> 0.27)
      multi_json (~> 1.8)
    launchy (2.4.2)
      addressable (~> 2.3)
    mime-types (2.2)
    multi_json (1.9.2)
    netrc (0.7.7)
    pg (0.17.1)
    rack (1.5.2)
    rack-flash3 (1.0.5)
      rack
    rack-protection (1.5.2)
      rack
    rest-client (1.6.7)
      mime-types (>= 1.16)
    rubyzip (1.1.2)
    shotgun (0.9)
      rack (>= 1.0)
    sinatra (1.4.4)
      rack (~> 1.4)
      rack-protection (~> 1.4)
      tilt (~> 1.3, >= 1.3.4)
    sinatra-partial (0.4.0)
      sinatra
    tilt (1.4.1)

PLATFORMS
  ruby

DEPENDENCIES
  heroku
  pg
  rack
  rack-flash3
  shotgun
  sinatra
  sinatra-partial
